GEM
  remote: http://rubygems.org/
  specs:
    crack (0.1.8)
    dalli (1.0.3)
    fgraph (0.6.0)
      httparty (>= 0.5.0)
    httparty (0.7.4)
      crack (= 0.1.8)

PLATFORMS
  ruby

DEPENDENCIES
  dalli
  fgraph
